GEM
  remote: http://rubygems.org/
  specs:
    actionmailer (2.3.5)
      actionpack (= 2.3.5)
    actionpack (2.3.5)
      activesupport (= 2.3.5)
      rack (~> 1.0.0)
    activerecord (2.3.5)
      activesupport (= 2.3.5)
    activeresource (2.3.5)
      activesupport (= 2.3.5)
    activesupport (2.3.5)
    ancestry (1.2.5)
      activerecord (>= 2.2.2)
    cocaine (0.2.1)
    haml (3.1.5)
    mime-types (1.18)
    paperclip (2.7.0)
      activerecord (>= 2.3.0)
      activesupport (>= 2.3.2)
      cocaine (>= 0.0.2)
      mime-types
    pg (0.13.2)
    rack (1.0.1)
    rails (2.3.5)
      actionmailer (= 2.3.5)
      actionpack (= 2.3.5)
      activerecord (= 2.3.5)
      activeresource (= 2.3.5)
      activesupport (= 2.3.5)
      rake (>= 0.8.3)
    rake (0.9.2.2)
    ruby-ole (1.2.11.3)
    spreadsheet (0.6.8)
      ruby-ole (>= 1.0)

PLATFORMS
  ruby

DEPENDENCIES
  ancestry
  haml
  paperclip (~> 2.0)
  pg
  rails (= 2.3.5)
  spreadsheet
