GEM
  remote: http://rubygems.org/
  specs:
    actionmailer (2.3.5)
      actionpack (= 2.3.5)
    actionpack (2.3.5)
      activesupport (= 2.3.5)
      rack (~> 1.0.0)
    activerecord (2.3.5)
      activesupport (= 2.3.5)
    activeresource (2.3.5)
      activesupport (= 2.3.5)
    activesupport (2.3.5)
    ancestry (1.2.5)
      activerecord (>= 2.2.2)
    aws-sdk (1.3.9)
      httparty (~> 0.7)
      json (~> 1.4)
      nokogiri (>= 1.4.4)
      uuidtools (~> 2.1)
    axlsx (1.2.1)
      htmlentities (~> 4.3.1)
      nokogiri (>= 1.4.1)
      rubyzip (>= 0.9.5)
    cocaine (0.2.1)
    haml (3.1.5)
    htmlentities (4.3.1)
    httparty (0.8.3)
      multi_json (~> 1.0)
      multi_xml
    json (1.7.3)
    mime-types (1.18)
    multi_json (1.3.5)
    multi_xml (0.5.1)
    nokogiri (1.5.5)
    paperclip (2.7.0)
      activerecord (>= 2.3.0)
      activesupport (>= 2.3.2)
      cocaine (>= 0.0.2)
      mime-types
    pg (0.13.2)
    rack (1.0.1)
    rails (2.3.5)
      actionmailer (= 2.3.5)
      actionpack (= 2.3.5)
      activerecord (= 2.3.5)
      activeresource (= 2.3.5)
      activesupport (= 2.3.5)
      rake (>= 0.8.3)
    rake (0.9.2.2)
    ruby-ole (1.2.11.3)
    rubyzip (0.9.9)
    spreadsheet (0.7.1)
      ruby-ole (>= 1.0)
    uuidtools (2.1.2)
    wirble (0.1.3)

PLATFORMS
  ruby

DEPENDENCIES
  ancestry
  aws-sdk (~> 1.3.4)
  axlsx (~> 1.2.1)
  haml
  paperclip (~> 2.0)
  pg
  rails (= 2.3.5)
  rake
  spreadsheet
  wirble
